GEM
  remote: https://rubygems.org/
  specs:
    coderay (1.1.3)
    hashie (4.1.0)
    method_source (1.0.0)
    pry (0.13.1)
      coderay (~> 1.1)
      method_source (~> 1.0)
    rack (1.6.13)
    rack-protection (1.5.5)
      rack
    sinatra (1.4.4)
      rack (~> 1.4)
      rack-protection (~> 1.4)
      tilt (~> 1.3, >= 1.3.4)
    tilt (1.4.1)

PLATFORMS
  ruby

DEPENDENCIES
  hashie
  pry
  sinatra (= 1.4.4)

BUNDLED WITH
   2.0.1
